GEM
  remote: https://rubygems.org/
  specs:
    coderay (1.1.2)
    method_source (0.9.0)
    minitest (5.4.0)
    pry (0.11.1)
      coderay (~> 1.1.0)
      method_source (~> 0.9.0)

PLATFORMS
  ruby

DEPENDENCIES
  minitest (~> 5.4)
  pry

BUNDLED WITH
   1.16.0.pre.2
